GEM
  remote: https://rubygems.org/
  remote: http://rubygems.org/
  specs:
    actionmailer (2.3.5)
      actionpack (= 2.3.5)
    actionpack (2.3.5)
      activesupport (= 2.3.5)
      rack (~> 1.0.0)
    activerecord (2.3.5)
      activesupport (= 2.3.5)
    activeresource (2.3.5)
      activesupport (= 2.3.5)
    activesupport (2.3.5)
    cocaine (0.3.0)
    declarative_authorization (0.5.1)
    hoe (1.5.1)
      rake (>= 0.8.1)
      rubyforge (>= 0.4.4)
    i18n (0.4.0)
    json (1.7.5)
    json_pure (1.7.5)
    mime-types (1.19)
    minitest (2.12.1)
    mysql (2.8.1)
    paperclip (2.7.0)
      activerecord (>= 2.3.0)
      activesupport (>= 2.3.2)
      cocaine (>= 0.0.2)
      mime-types
    pg (0.14.1)
    rack (1.0.1)
    rails (2.3.5)
      actionmailer (= 2.3.5)
      actionpack (= 2.3.5)
      activerecord (= 2.3.5)
      activeresource (= 2.3.5)
      activesupport (= 2.3.5)
      rake (>= 0.8.3)
    rake (0.8.7)
    rdoc (3.12)
      json (~> 1.4)
    rubyforge (2.0.4)
      json_pure (>= 1.1.7)
    searchlogic (2.4.27)
      activerecord (>= 2.0.0)
    test-unit (1.2.3)
      hoe (>= 1.5.1)
    will_paginate (2.3.12)
    yard (0.8.2.1)

PLATFORMS
  ruby

DEPENDENCIES
  bundler (= 1.2.0)
  cocaine (~> 0.3.0)
  declarative_authorization (= 0.5.1)
  hoe (= 1.5.1)
  i18n (= 0.4.0)
  minitest (~> 2.1)
  mysql
  paperclip
  pg (= 0.14.1)
  rack (= 1.0.1)
  rails (~> 2.3.5)
  rake (~> 0.8.7)
  rdoc (~> 3.12)
  searchlogic (= 2.4.27)
  test-unit (= 1.2.3)
  will_paginate (= 2.3.12)
  yard (= 0.8.2.1)
